GIT
  remote: https://github.com/flotwig/cinch-basic_ctcp.git
  revision: b3130dbcda5e607f097949b7cd6f15ceee9d19c1
  specs:
    cinch-basic_ctcp (1.0.2)
      cinch (~> 2.0)

GEM
  remote: https://rubygems.org/
  specs:
    addressable (2.4.0)
    cinch (2.3.1)
    cinch-identify (1.7.0)
      cinch (~> 2.0)
    json (1.8.3)

PLATFORMS
  x64-mingw32

DEPENDENCIES
  addressable
  bundler
  cinch
  cinch-basic_ctcp!
  cinch-identify
  json

BUNDLED WITH
   1.11.2
